{
    "Modality": "MR",
    "MagneticFieldStrength": 7.05383,
    "ImagingFrequency": 300.3341575,
    "Manufacturer": "Bruker",
    "InstitutionName": "University of Florida, Scranton",
    "DeviceSerialNumber": "5044529",
    "StationName": "BAP 70/20",
    "PatientPosition": "HFS",
    "SoftwareVersions": "ParaVision\\360.3.3",
    "MRAcquisitionType": "2D",
    "SeriesDescription": "T2_TurboRARE",
    "ProtocolName": "T2_TurboRARE",
    "ScanningSequence": "RM",
    "SequenceVariant": "NONE",
    "SequenceName": "Bruker:RARE",
    "ImageType": [
        "ORIGINAL",
        "PRIMARY",
        "MAGNITUDE",
        "IMAGE"
    ],
    "SeriesNumber": 196609,
    "AcquisitionTime": "10:13:12.000000",
    "SliceThickness": 0.5,
    "SpacingBetweenSlices": 0.5,
    "NumberOfAverages": 6,
    "EchoTime": 0.0518333,
    "RepetitionTime": 3.70241,
    "FlipAngle": 180,
    "EchoTrainLength": 16,
    "PhaseEncodingSteps": 256,
    "ReconMatrixPE": 256,
    "PixelBandwidth": 213.456,
    "ImageOrientationPatientDICOM": [
        1,
        0,
        0,
        0,
        1,
        0
    ],
    "ConversionSoftware": "dcm2niix",
    "ConversionSoftwareVersion": "v1.0.20230411"
}