{
    "Modality": "MR",
    "MagneticFieldStrength": 7.05384,
    "ImagingFrequency": 300.3347591,
    "Manufacturer": "Bruker",
    "InstitutionName": "University of Florida, Scranton",
    "DeviceSerialNumber": "5044529",
    "StationName": "BAP 70/20",
    "PatientPosition": "HFS",
    "SoftwareVersions": "ParaVision\\360.3.3",
    "MRAcquisitionType": "2D",
    "SeriesDescription": "SE_EPI_rsfMRI_pretherm_ungroupedFOV",
    "ProtocolName": "SE_EPI_rsfMRI_pretherm_ungroupedFOV",
    "ScanningSequence": "RM",
    "SequenceVariant": "NONE",
    "SequenceName": "Bruker:EPI",
    "ImageType": [
        "ORIGINAL",
        "PRIMARY",
        "MAGNITUDE",
        "IMAGE"
    ],
    "SeriesNumber": 327681,
    "AcquisitionTime": "16:10:28.000000",
    "SliceThickness": 0.9,
    "SpacingBetweenSlices": 0.9,
    "EchoTime": 0.025,
    "RepetitionTime": 1.5,
    "FlipAngle": 90,
    "EchoTrainLength": 40,
    "PhaseEncodingSteps": 40,
    "ReconMatrixPE": 64,
    "PixelBandwidth": 3906.25,
    "ImageOrientationPatientDICOM": [
        1,
        0,
        0,
        0,
        1,
        0
    ],
    "ConversionSoftware": "dcm2niix",
    "ConversionSoftwareVersion": "v1.0.20230411",
    "TaskName": "rest"
}